GEM
  remote: http://rubygems.org/
  specs:
    activesupport (3.0.7)
    haml (3.1.1)
    http_router (0.5.4)
      rack (>= 1.0.0)
      url_mount (~> 0.2.1)
    i18n (0.5.0)
    padrino-core (0.9.23)
      activesupport (>= 3.0.0)
      http_router (~> 0.5.4)
      sinatra (~> 1.2.0)
      thor (>= 0.14.3)
      tzinfo
    padrino-helpers (0.9.23)
      i18n (>= 0.4.1)
      padrino-core (= 0.9.23)
    rack (1.2.2)
    sinatra (1.2.3)
      rack (~> 1.1)
      tilt (>= 1.2.2, < 2.0)
    thor (0.14.6)
    tilt (1.2.2)
    tzinfo (0.3.26)
    url_mount (0.2.1)
      rack

PLATFORMS
  ruby

DEPENDENCIES
  haml
  padrino-helpers
  sinatra
